GEM
  remote: https://rubygems.org/
  specs:
    concurrent-ruby (1.1.6)
    exifr (1.3.6)
    sqlite3 (1.4.2)

PLATFORMS
  x64-mingw32

DEPENDENCIES
  concurrent-ruby
  exifr
  sqlite3

BUNDLED WITH
   2.1.4
